PATH
  remote: .
  specs:
    spotlite (1.0.0)
      httparty
      nokogiri (~> 1.13.0)

GEM
  remote: https://rubygems.org/
  specs:
    coderay (1.1.2)
    httparty (0.20.0)
      mime-types (~> 3.0)
      multi_xml (>= 0.5.2)
    method_source (0.9.2)
    mime-types (3.4.1)
      mime-types-data (~> 3.2015)
    mime-types-data (3.2022.0105)
    mini_portile2 (2.7.1)
    multi_xml (0.6.0)
    nokogiri (1.13.1)
      mini_portile2 (~> 2.7.0)
      racc (~> 1.4)
    nokogiri (1.13.1-arm64-darwin)
      racc (~> 1.4)
    pry (0.12.2)
      coderay (~> 1.1.0)
      method_source (~> 0.9.0)
    racc (1.6.0)
    rake (10.5.0)

PLATFORMS
  arm64-darwin-21
  ruby

DEPENDENCIES
  bundler (~> 2.2)
  pry
  rake (~> 10.0)
  spotlite!

BUNDLED WITH
   2.2.0
